GEM
  remote: https://rubygems.org/
  specs:
    haml (4.0.3)
      tilt
    mini_portile (0.5.1)
    nokogiri (1.6.0)
      mini_portile (~> 0.5.0)
    tilt (1.4.1)
    unicode_utils (1.4.0)

PLATFORMS
  ruby

DEPENDENCIES
  haml
  nokogiri
  unicode_utils
